NUGET
  remote: https://www.nuget.org/api/v2
    NuGet.CommandLine (4.6.2)
